{
	"TaskName": "imagery",
	"Manufacturer": "g.tec",
	"PowerLineFrequency": 50.0,
	"SamplingFrequency": 512.0,
	"SoftwareFilters": "n/a",
	"RecordingDuration": 497.75,
	"RecordingType": "continuous",
	"EEGReference": "earlobe",
	"EEGGround": "n/a",
	"EEGPlacementScheme": "10-05 system",
	"EEGChannelCount": 16,
	"EOGChannelCount": 0,
	"ECGChannelCount": 0,
	"EMGChannelCount": 0,
	"TriggerChannelCount": 0,
	"ManufacturersModelName": "g.tec g.USBamp",
	"SoftwareVersions": "Matlab/Simulink",
	"HardwareFilters": "n/a",
	"TaskDescription": "Cue-based motor imagery paradigm (Step B of Brain Switch campaign) for familiarization and algorithm development Trial duration: 3.0s, cue: 1.0s, imagery: 3.0s.",
	"Instructions": "Cue-based paradigm without feedback. Subjects perform 20 imagined movements per class (right hand, feet, rest) following a visual cue, lasting 3 seconds each. Total duration approximately 10 minutes.",
	"CogAtlasID": "https://www.cognitiveatlas.org/task/id/trm_4c8a834779883/",
	"InstitutionName": "Universit\u00e9 de Grenoble",
	"InstitutionAddress": "CEA-LETI Grenoble, France",
	"InstitutionalDepartmentName": "Laboratoire \u00c9lectronique et syst\u00e8me pour la sant\u00e9 CEA-LETI",
	"CapManufacturer": "n/a",
	"CapManufacturersModelName": "n/a",
	"SubjectArtefactDescription": "n/a",
	"DeviceSerialNumber": "n/a",
	"Description": "Motor imagery dataset from the PhD dissertation of A. Barachant. Contains EEG recordings from 8 subjects performing motor imagination tasks (right hand, feet, or rest). Used to validate robust control of an effector via asynchronous EEG-based brain-machine interface.",
	"MISCChannelCount": 0
}